PATH
  remote: .
  specs:
    liqueur (0.0.5)
      sass (>= 3.1)
      wiskey (= 0.0.5)

GEM
  remote: http://rubygems.org/
  specs:
    sass (3.1.12)
    wiskey (0.0.5)
      sass (>= 3.1)

PLATFORMS
  ruby

DEPENDENCIES
  liqueur!
